RESTRICTION: >= net461
NUGET
  remote: https://www.nuget.org/api/v2
    FAKE (4.63.2)
    FSharp.Core (4.2.3)
    Nancy (1.4.4)
    Nancy.Hosting.Self (1.4.1)
      Nancy (>= 1.4.1)
